GIT
  remote: git://github.com/joergschiller/guard-rake.git
  revision: 565b944b6b39e49f429ed741445ac4b6e721c287
  specs:
    guard-rake (0.0.7)
      guard
      rake

GEM
  remote: https://rubygems.org/
  specs:
    archive-tar-minitar (0.5.2)
    childprocess (0.3.5)
      ffi (~> 1.0, >= 1.0.6)
    diff-lcs (1.1.3)
    erubis (2.7.0)
    facter (1.6.11)
    ffi (1.0.11)
    guard (1.3.2)
      listen (>= 0.4.2)
      thor (>= 0.14.6)
    guard-puppet-lint (0.2.0)
    guard-rspec (1.2.1)
      guard (>= 1.1)
    hiera (0.3.0)
    hiera-puppet (0.3.0)
      hiera (~> 0.3.0)
    i18n (0.6.0)
    json (1.5.4)
    libnotify (0.7.4)
      ffi (~> 1.0.11)
    listen (0.4.7)
      rb-fchange (~> 0.0.5)
      rb-fsevent (~> 0.9.1)
      rb-inotify (~> 0.8.8)
    log4r (1.1.10)
    metaclass (0.0.1)
    mocha (0.12.3)
      metaclass (~> 0.0.1)
    net-scp (1.0.4)
      net-ssh (>= 1.99.1)
    net-ssh (2.2.2)
    puppet (2.7.19)
      facter (~> 1.5)
    puppet-lint (0.2.1)
    puppetlabs_spec_helper (0.3.0)
      mocha (>= 0.10.5)
      rake
      rspec (>= 2.9.0)
      rspec-puppet (>= 0.1.1)
    rake (0.9.2.2)
    rb-fchange (0.0.5)
      ffi
    rb-fsevent (0.9.1)
    rb-inotify (0.8.8)
      ffi (>= 0.5.0)
    rspec (2.11.0)
      rspec-core (~> 2.11.0)
      rspec-expectations (~> 2.11.0)
      rspec-mocks (~> 2.11.0)
    rspec-core (2.11.1)
    rspec-expectations (2.11.2)
      diff-lcs (~> 1.1.3)
    rspec-hiera-puppet (0.3.0)
      hiera (>= 0.3)
      hiera-puppet (>= 0.3)
      puppet (>= 2.7)
      rspec
      rspec-puppet
    rspec-mocks (2.11.2)
    rspec-puppet (0.1.4)
      rspec
    thor (0.16.0)
    vagrant (1.0.3)
      archive-tar-minitar (= 0.5.2)
      childprocess (~> 0.3.1)
      erubis (~> 2.7.0)
      i18n (~> 0.6.0)
      json (~> 1.5.1)
      log4r (~> 1.1.9)
      net-scp (~> 1.0.4)
      net-ssh (~> 2.2.2)
    vagrant-vbguest (0.3.5)

PLATFORMS
  ruby

DEPENDENCIES
  guard
  guard-puppet-lint
  guard-rake!
  guard-rspec
  hiera
  hiera-puppet
  libnotify
  mocha
  puppet
  puppet-lint
  puppetlabs_spec_helper
  rspec
  rspec-hiera-puppet
  rspec-puppet
  vagrant
  vagrant-vbguest
